GEM
  remote: https://rubygems.org/
  specs:
    ast (2.4.2)
    coderay (1.1.3)
    diff-lcs (1.5.0)
    method_source (1.0.0)
    mustermann (1.1.1)
      ruby2_keywords (~> 0.0.1)
    nio4r (2.5.8)
    parallel (1.22.1)
    parser (3.1.2.0)
      ast (~> 2.4.1)
    pry (0.14.1)
      coderay (~> 1.1)
      method_source (~> 1.0)
    puma (5.6.4)
      nio4r (~> 2.0)
    rack (2.2.3)
    rack-protection (2.2.0)
      rack
    rainbow (3.1.1)
    rbi (0.0.14)
      ast
      parser (>= 2.6.4.0)
      sorbet-runtime (>= 0.5.9204)
      unparser
    regexp_parser (2.3.1)
    rexml (3.2.5)
    rubocop (1.29.0)
      parallel (~> 1.10)
      parser (>= 3.1.0.0)
      rainbow (>= 2.2.2, < 4.0)
      regexp_parser (>= 1.8, < 3.0)
      rexml (>= 3.2.5, < 4.0)
      rubocop-ast (>= 1.17.0, < 2.0)
      ruby-progressbar (~> 1.7)
      unicode-display_width (>= 1.4.0, < 3.0)
    rubocop-ast (1.17.0)
      parser (>= 3.1.1.0)
    ruby-progressbar (1.11.0)
    ruby2_keywords (0.0.5)
    sinatra (2.2.0)
      mustermann (~> 1.0)
      rack (~> 2.2)
      rack-protection (= 2.2.0)
      tilt (~> 2.0)
    sorbet (0.5.9976)
      sorbet-static (= 0.5.9976)
    sorbet-runtime (0.5.9976)
    sorbet-static (0.5.9976-universal-darwin-21)
    spoom (1.1.11)
      sorbet (>= 0.5.9204)
      sorbet-runtime (>= 0.5.9204)
      thor (>= 0.19.2)
    tapioca (0.7.2)
      bundler (>= 1.17.3)
      pry (>= 0.12.2)
      rbi (~> 0.0.0, >= 0.0.14)
      sorbet-runtime (>= 0.5.9204)
      sorbet-static (>= 0.5.9204)
      spoom (~> 1.1.0, >= 1.1.11)
      thor (>= 1.2.0)
      yard-sorbet
    thor (1.2.1)
    tilt (2.0.10)
    unicode-display_width (2.1.0)
    unparser (0.6.5)
      diff-lcs (~> 1.3)
      parser (>= 3.1.0)
    webrick (1.7.0)
    yard (0.9.27)
      webrick (~> 1.7.0)
    yard-sorbet (0.6.1)
      sorbet-runtime (>= 0.5)
      yard (>= 0.9)

PLATFORMS
  arm64-darwin-21

DEPENDENCIES
  puma
  rubocop
  sinatra
  sorbet
  sorbet-runtime
  tapioca

BUNDLED WITH
   2.3.7
